GEM
  remote: https://rubygems.org/
  specs:
    bourbon (4.2.6)
      sass (~> 3.4)
      thor (~> 0.19)
    dotenv (2.0.2)
    haml (4.0.6)
      tilt
    neat (1.7.4)
      bourbon (>= 4.0)
      sass (>= 3.3)
    normalize-rails (3.0.3)
    pg (0.18.2)
    r18n-core (2.1.4)
    rack (2.0.1)
    rack_csrf (2.5.0)
      rack (>= 1.1.0)
    roda (2.16.0)
      rack
    roda-i18n (0.2.0)
      r18n-core (~> 2.0, >= 2.0.3)
      roda (~> 2.5, >= 2.5.0)
      tilt
    sass (3.4.22)
    sequel (4.36.0)
    thor (0.19.1)
    tilt (2.0.5)

PLATFORMS
  ruby

DEPENDENCIES
  bourbon
  dotenv
  haml
  neat
  normalize-rails
  pg
  rack_csrf
  roda
  roda-i18n
  sequel

BUNDLED WITH
   1.10.6
